GEM
  remote: https://rubygems.org/
  specs:
    addressable (2.3.6)
    backports (3.6.0)
    carrier-pigeon (0.7.0)
      addressable
    haml (4.0.5)
      tilt
    kramdown (1.3.3)
    mime-types (2.2)
    mini_portile (0.5.3)
    multi_json (1.9.2)
    nokogiri (1.6.1)
      mini_portile (~> 0.5.0)
    rack (1.5.2)
    rack-protection (1.5.3)
      rack
    rack-test (0.6.2)
      rack (>= 1.0)
    rugged (0.19.0)
    sanitize (2.1.0)
      nokogiri (>= 1.4.4)
    sass (3.3.5)
    sinatra (1.4.5)
      rack (~> 1.4)
      rack-protection (~> 1.4)
      tilt (~> 1.3, >= 1.3.4)
    sinatra-contrib (1.4.2)
      backports (>= 2.0)
      multi_json
      rack-protection
      rack-test
      sinatra (~> 1.4.0)
      tilt (~> 1.3)
    string-scrub (0.0.3)
    tilt (1.4.1)

PLATFORMS
  ruby

DEPENDENCIES
  carrier-pigeon
  haml
  kramdown
  mime-types
  rugged
  sanitize
  sass
  sinatra
  sinatra-contrib
  string-scrub
